GEM
  remote: https://rubygems.org/
  specs:
    httparty (0.13.7)
      json (~> 1.8)
      multi_xml (>= 0.5.2)
    json (1.8.3)
    krist (0.0.5)
      httparty (~> 0.13, >= 0.13.7)
    multi_xml (0.5.5)

PLATFORMS
  ruby

DEPENDENCIES
  httparty
  krist (~> 0.0.5)

BUNDLED WITH
   1.11.2
